GEM
  remote: https://rubygems.org/
  specs:
    rake (11.2.2)

PLATFORMS
  ruby

DEPENDENCIES
  rake (> 0)

BUNDLED WITH
   1.12.5
